GEM
  remote: https://rubygems.org/
  specs:
    azure-core (0.1.14)
      faraday (~> 0.9)
      faraday_middleware (~> 0.10)
      nokogiri (~> 1.6)
    azure-storage-blob (1.0.1)
      azure-core (~> 0.1.13)
      azure-storage-common (~> 1.0)
      nokogiri (~> 1.6, >= 1.6.8)
    azure-storage-common (1.0.1)
      azure-core (~> 0.1.13)
      nokogiri (~> 1.6, >= 1.6.8)
    faraday (0.15.2)
      multipart-post (>= 1.2, < 3)
    faraday_middleware (0.12.2)
      faraday (>= 0.7.4, < 1.0)
    mini_portile2 (2.3.0)
    multipart-post (2.0.0)
    nokogiri (1.8.4)
      mini_portile2 (~> 2.3.0)
    prometheus_exporter (0.3.3)

PLATFORMS
  ruby

DEPENDENCIES
  azure-storage-blob (~> 1.0.1)
  prometheus_exporter (~> 0.3.3)

BUNDLED WITH
   1.16.4
